GEM
  remote: http://rubygems.org/
  specs:
    aws-sdk (1.9.1)
      json (~> 1.4)
      nokogiri (>= 1.4.4)
      uuidtools (~> 2.1)
    diff-lcs (1.1.3)
    facets (2.9.3)
    fattr (2.2.1)
    git (1.2.5)
    jeweler (1.8.4)
      bundler (~> 1.0)
      git (>= 1.2.5)
      rake
      rdoc
    json (1.7.7)
    mharris_ext (1.7.0)
      facets
      fattr
    nokogiri (1.5.6)
    rake (10.0.4)
    rdoc (3.12.2)
      json (~> 1.4)
    rspec (2.8.0)
      rspec-core (~> 2.8.0)
      rspec-expectations (~> 2.8.0)
      rspec-mocks (~> 2.8.0)
    rspec-core (2.8.0)
    rspec-expectations (2.8.0)
      diff-lcs (~> 1.1.2)
    rspec-mocks (2.8.0)
    uuidtools (2.1.3)

PLATFORMS
  ruby

DEPENDENCIES
  aws-sdk
  bundler (>= 1.0.0)
  jeweler (~> 1.8.4)
  mharris_ext
  rdoc (~> 3.12)
  rspec (~> 2.8.0)
